GEM
  remote: https://rubygems.org/
  specs:
    anki (0.0.4)
    mini_portile2 (2.8.1)
    nokogiri (1.14.3)
      mini_portile2 (~> 2.8.0)
      racc (~> 1.4)
    racc (1.6.2)
    tradsim (0.5.1)

PLATFORMS
  ruby

DEPENDENCIES
  anki (= 0.0.4)
  nokogiri (= 1.14.3)
  tradsim (= 0.5.1)

BUNDLED WITH
   1.17.3
