GEM
  remote: https://rubygems.org/
  specs:
    anki (0.0.4)
    mini_portile2 (2.6.1)
    nokogiri (1.12.5)
      mini_portile2 (~> 2.6.1)
      racc (~> 1.4)
    racc (1.5.2)
    tradsim (0.5.1)

PLATFORMS
  ruby

DEPENDENCIES
  anki (= 0.0.4)
  nokogiri (= 1.12.5)
  tradsim (= 0.5.1)

BUNDLED WITH
   1.17.3
